PATH
  remote: .
  specs:
    mojibake (1.1.0)
      json
      minitest

GEM
  remote: https://rubygems.org/
  specs:
    json (1.7.7)
    minitest (4.7.4)

PLATFORMS
  ruby

DEPENDENCIES
  json
  minitest
  mojibake!
